PATH
  remote: .
  specs:
    ruby_ast_gen (0.1.0)
      logger (~> 1.6, >= 1.6)
      ostruct (~> 0.6.0)
      parser (~> 3.3, >= 3.3.5.0)
      slop (~> 4.10, >= 4.10.1)

GEM
  remote: https://rubygems.org/
  specs:
    ast (2.4.2)
    diff-lcs (1.5.1)
    logger (1.6.0)
    ostruct (0.6.0)
    parser (3.3.5.0)
      ast (~> 2.4.1)
      racc
    racc (1.8.1)
    rake (13.2.1)
    rspec (3.13.0)
      rspec-core (~> 3.13.0)
      rspec-expectations (~> 3.13.0)
      rspec-mocks (~> 3.13.0)
    rspec-core (3.13.1)
      rspec-support (~> 3.13.0)
    rspec-expectations (3.13.3)
      diff-lcs (>= 1.2.0, < 2.0)
      rspec-support (~> 3.13.0)
    rspec-mocks (3.13.2)
      diff-lcs (>= 1.2.0, < 2.0)
      rspec-support (~> 3.13.0)
    rspec-support (3.13.1)
    slop (4.10.1)

PLATFORMS
  arm64-darwin-24
  ruby

DEPENDENCIES
  rake (~> 13.0)
  rspec (~> 3.0)
  ruby_ast_gen!

BUNDLED WITH
   2.5.18
